GEM
  remote: https://rubygems.org/
  specs:
    appwrite (2.4.1)
    mime-types (3.3.1)
      mime-types-data (~> 3.2015)
    mime-types-data (3.2021.0901)

PLATFORMS
  x86_64-linux-musl

DEPENDENCIES
  appwrite (~> 2.4)
  mime-types (~> 3.3, >= 3.3.1)

RUBY VERSION
   ruby 3.0.0p0

BUNDLED WITH
   2.2.3
