GEM
  remote: https://rubygems.org/
  specs:
    appwrite (2.4.1)

PLATFORMS
  x86_64-linux-musl

DEPENDENCIES
  appwrite (~> 2.4)

RUBY VERSION
   ruby 3.0.0p0

BUNDLED WITH
   2.2.3
